GEM
  remote: https://rubygems.org/
  specs:
    addressable (2.7.0)
      public_suffix (>= 2.0.2, < 5.0)
    ast (2.4.2)
    axiom-types (0.1.1)
      descendants_tracker (~> 0.0.4)
      ice_nine (~> 0.11.0)
      thread_safe (~> 0.3, >= 0.3.1)
    byebug (11.1.3)
    coercible (1.0.0)
      descendants_tracker (~> 0.0.1)
    concurrent-ruby (1.1.8)
    descendants_tracker (0.0.4)
      thread_safe (~> 0.3, >= 0.3.1)
    equalizer (0.0.11)
    faraday (1.3.0)
      faraday-net_http (~> 1.0)
      multipart-post (>= 1.2, < 3)
      ruby2_keywords
    faraday-net_http (1.0.1)
    hashie (4.1.0)
    i18n (1.8.7)
      concurrent-ruby (~> 1.0)
    ice_nine (0.11.2)
    kwalify (0.7.2)
    liquid (4.0.3)
    multipart-post (2.1.1)
    netrc (0.11.0)
    octokit (4.20.0)
      faraday (>= 0.9)
      sawyer (~> 0.8.0, >= 0.5.3)
    paint (2.2.1)
    parallel (1.20.1)
    parser (3.0.0.0)
      ast (~> 2.4.1)
    psych (3.3.0)
    public_suffix (4.0.6)
    rainbow (3.0.0)
    rb-readline (0.5.5)
    redcarpet (3.5.1)
    reek (6.0.3)
      kwalify (~> 0.7.0)
      parser (~> 3.0.0)
      psych (~> 3.1)
      rainbow (>= 2.0, < 4.0)
    regexp_parser (2.0.3)
    rexml (3.2.4)
    rubocop (1.9.0)
      parallel (~> 1.10)
      parser (>= 3.0.0.0)
      rainbow (>= 2.2.2, < 4.0)
      regexp_parser (>= 1.8, < 3.0)
      rexml
      rubocop-ast (>= 1.2.0, < 2.0)
      ruby-progressbar (~> 1.7)
      unicode-display_width (>= 1.4.0, < 3.0)
    rubocop-ast (1.4.1)
      parser (>= 2.7.1.5)
    ruby-progressbar (1.11.0)
    ruby2_keywords (0.0.4)
    sawyer (0.8.2)
      addressable (>= 2.3.5)
      faraday (> 0.8, < 2.0)
    thread_safe (0.3.6)
    unicode-display_width (2.0.0)
    virtus (1.0.5)
      axiom-types (~> 0.1)
      coercible (~> 1.0)
      descendants_tracker (~> 0.0, >= 0.0.3)
      equalizer (~> 0.0, >= 0.0.9)
    yard (0.9.26)

PLATFORMS
  ruby

DEPENDENCIES
  byebug (~> 11.0)
  hashie (~> 4.1.0)
  i18n (~> 1.8.5)
  liquid (> 4.0, < 5.0)
  netrc (~> 0.11.0)
  octokit (~> 4.20.0)
  paint (~> 2.2.0)
  rb-readline
  redcarpet (~> 3.5.1)
  reek (~> 6.0.2)
  rubocop (~> 1.9)
  virtus (~> 1.0.5)
  yard (~> 0.9.0)

RUBY VERSION
   ruby 2.4.10p364

BUNDLED WITH
   1.17.3
